GEM
  remote: https://rubygems.org/
  specs:
    bubble-wrap (1.6.0)
      bubble-wrap-http (= 1.6.0)
    bubble-wrap-http (1.6.0)
    joybox (1.1.1)
      rake
    rake (10.2.0)

PLATFORMS
  ruby

DEPENDENCIES
  bubble-wrap
  joybox
